PATH
  remote: .
  specs:
    tabby (0.0.2)
      thor (~> 0.14.6)

GEM
  remote: http://rubygems.org/
  specs:
    diff-lcs (1.1.2)
    fakeout (0.0.1)
    mnoble-fakefs (0.3.2)
    rspec (2.1.0)
      rspec-core (~> 2.1.0)
      rspec-expectations (~> 2.1.0)
      rspec-mocks (~> 2.1.0)
    rspec-core (2.1.0)
    rspec-expectations (2.1.0)
      diff-lcs (~> 1.1.2)
    rspec-mocks (2.1.0)
    thor (0.14.6)

PLATFORMS
  ruby

DEPENDENCIES
  fakeout (>= 0.0.1)
  mnoble-fakefs (>= 0.3.1)
  rspec (~> 2.1.0)
  tabby!
